PATH
  remote: .
  specs:
    aws-sns-configurator (0.1.0)

GEM
  remote: https://rubygems.org/
  specs:
    rake (10.5.0)

PLATFORMS
  ruby

DEPENDENCIES
  aws-sns-configurator!
  bundler (~> 2.0.2)
  rake (~> 10.0)

BUNDLED WITH
   2.0.2
